PATH
  remote: .
  specs:
    babysms (0.1.0)
      activemodel (~> 5.2.1)
      phony_rails (~> 0.14)
      rainbow (~> 3.0)

GEM
  remote: https://rubygems.org/
  specs:
    activemodel (5.2.2)
      activesupport (= 5.2.2)
    activesupport (5.2.2)
      concurrent-ruby (~> 1.0, >= 1.0.2)
      i18n (>= 0.7, < 2)
      minitest (~> 5.1)
      tzinfo (~> 1.1)
    builder (3.2.3)
    certified (1.0.0)
    concurrent-ruby (1.1.4)
    diff-lcs (1.3)
    faraday (0.15.4)
      multipart-post (>= 1.2, < 3)
    faraday_middleware (0.12.2)
      faraday (>= 0.7.4, < 1.0)
    htmlentities (4.3.4)
    i18n (1.3.0)
      concurrent-ruby (~> 1.0)
    json (2.1.0)
    jwt (2.1.0)
    mini_portile2 (2.4.0)
    minitest (5.11.3)
    multipart-post (2.0.0)
    nexmo (5.5.0)
      jwt (~> 2)
    nokogiri (1.9.1)
      mini_portile2 (~> 2.4.0)
    phony (2.16.9)
    phony_rails (0.14.11)
      activesupport (>= 3.0)
      phony (> 2.15)
    plivo (4.1.6)
      faraday (~> 0.9)
      faraday_middleware (~> 0.12.2)
      htmlentities
    rainbow (3.0.0)
    rake (12.3.2)
    rspec (3.8.0)
      rspec-core (~> 3.8.0)
      rspec-expectations (~> 3.8.0)
      rspec-mocks (~> 3.8.0)
    rspec-core (3.8.0)
      rspec-support (~> 3.8.0)
    rspec-expectations (3.8.2)
      diff-lcs (>= 1.2.0, < 2.0)
      rspec-support (~> 3.8.0)
    rspec-mocks (3.8.0)
      diff-lcs (>= 1.2.0, < 2.0)
      rspec-support (~> 3.8.0)
    rspec-support (3.8.0)
    ruby-bandwidth (1.0.20)
      activesupport
      builder
      certified
      faraday
      json
    thread_safe (0.3.6)
    twilio-ruby (5.18.0)
      faraday (~> 0.9)
      jwt (>= 1.5, <= 2.5)
      nokogiri (>= 1.6, < 2.0)
    tzinfo (1.2.5)
      thread_safe (~> 0.1)

PLATFORMS
  ruby

DEPENDENCIES
  babysms!
  bundler (>= 1.17)
  nexmo (~> 5.5.0)
  plivo (>= 4.1.6)
  rake (>= 10.0)
  rspec (>= 3.0)
  ruby-bandwidth (~> 1.0.20)
  twilio-ruby (~> 5.18.0)

BUNDLED WITH
   1.17.2
