PATH
  remote: .
  specs:
    babysms (0.1.0)
      activemodel (~> 5.2.2)
      phony_rails (~> 0.14)
      rainbow (~> 3.0)

GEM
  remote: https://rubygems.org/
  specs:
    activemodel (5.2.2)
      activesupport (= 5.2.2)
    activesupport (5.2.2)
      concurrent-ruby (~> 1.0, >= 1.0.2)
      i18n (>= 0.7, < 2)
      minitest (~> 5.1)
      tzinfo (~> 1.1)
    concurrent-ruby (1.1.4)
    diff-lcs (1.3)
    i18n (1.3.0)
      concurrent-ruby (~> 1.0)
    minitest (5.11.3)
    phony (2.16.9)
    phony_rails (0.14.11)
      activesupport (>= 3.0)
      phony (> 2.15)
    rainbow (3.0.0)
    rake (12.3.2)
    rspec (3.8.0)
      rspec-core (~> 3.8.0)
      rspec-expectations (~> 3.8.0)
      rspec-mocks (~> 3.8.0)
    rspec-core (3.8.0)
      rspec-support (~> 3.8.0)
    rspec-expectations (3.8.2)
      diff-lcs (>= 1.2.0, < 2.0)
      rspec-support (~> 3.8.0)
    rspec-mocks (3.8.0)
      diff-lcs (>= 1.2.0, < 2.0)
      rspec-support (~> 3.8.0)
    rspec-support (3.8.0)
    thread_safe (0.3.6)
    tzinfo (1.2.5)
      thread_safe (~> 0.1)

PLATFORMS
  ruby

DEPENDENCIES
  babysms!
  bundler (>= 1.17)
  rake (>= 10.0)
  rspec (>= 3.0)

BUNDLED WITH
   1.17.2
